GEM
  remote: https://rubygems.org/
  specs:
    dotenv (2.1.0)
    everything-core (0.0.7)
      dotenv (~> 2.1)
      fastenv (= 0.0.2)
    everything-piece-find (0.7.0)
      everything-core (~> 0.0.7)
    fastenv (0.0.2)
    kramdown (2.3.0)
      rexml
    rexml (3.2.4)
    thor (0.19.1)
    tilt (2.0.2)

PLATFORMS
  ruby

DEPENDENCIES
  dotenv
  everything-core
  everything-piece-find
  fastenv
  kramdown
  thor
  tilt

BUNDLED WITH
   2.2.3
